GEM
  remote: https://rubygems.org/
  specs:
    addressable (2.8.1)
      public_suffix (>= 2.0.2, < 6.0)
    coderay (1.1.2)
    launchy (2.4.3)
      addressable (~> 2.3)
    method_source (0.9.2)
    pry (0.12.2)
      coderay (~> 1.1.0)
      method_source (~> 0.9.0)
    public_suffix (5.0.0)

PLATFORMS
  ruby

DEPENDENCIES
  launchy
  pry

BUNDLED WITH
   2.0.1
